PATH
  remote: .
  specs:
    coffee_roasters (0.1.0)
      nokogiri

GEM
  remote: https://rubygems.org/
  specs:
    coderay (1.1.2)
    method_source (0.9.0)
    mini_portile2 (2.3.0)
    nokogiri (1.8.1)
      mini_portile2 (~> 2.3.0)
    pry (0.11.3)
      coderay (~> 1.1.0)
      method_source (~> 0.9.0)
    rake (10.5.0)

PLATFORMS
  ruby

DEPENDENCIES
  bundler (~> 1.16)
  coffee_roasters!
  pry
  rake (~> 10.0)

BUNDLED WITH
   1.16.0
