GEM
  remote: https://rubygems.org/
  specs:
    coderay (1.1.2)
    method_source (0.9.0)
    pry (0.11.3)
      coderay (~> 1.1.0)
      method_source (~> 0.9.0)
    rake (12.3.0)
    require_all (1.4.0)

PLATFORMS
  ruby

DEPENDENCIES
  pry
  rake
  require_all

BUNDLED WITH
   1.16.0
